GEM
  remote: https://rubygems.org/
  specs:
    cpf_cnpj (0.5.0)

PLATFORMS
  ruby

DEPENDENCIES
  cpf_cnpj (~> 0.5.0)

BUNDLED WITH
   1.16.6
